GEM
  remote: https://rubygems.org/
  specs:
    net-ssh (2.6.8)

PLATFORMS
  ruby

DEPENDENCIES
  net-ssh
