GEM
  remote: https://rubygems.org/
  specs:
    net-scp (1.1.2)
      net-ssh (>= 2.6.5)
    net-ssh (2.6.8)

PLATFORMS
  ruby

DEPENDENCIES
  net-scp
  net-ssh
